GEM
  remote: http://rubygems.org/
  specs:
    coffee-script (2.2.0)
      coffee-script-source
      execjs
    coffee-script-source (1.3.3)
    execjs (1.4.0)
      multi_json (~> 1.0)
    ffi (1.1.5)
    guard (1.4.0)
      listen (>= 0.4.2)
      thor (>= 0.14.6)
    guard-jasmine-headless-webkit (0.3.2)
      guard (>= 0.4.0)
      jasmine-headless-webkit (>= 0.7.0)
    hike (1.2.1)
    jasmine-core (1.2.0)
    jasmine-headless-webkit (0.8.4)
      coffee-script
      jasmine-core (~> 1.1)
      multi_json
      rainbow
      sprockets (~> 2)
    libnotify (0.8.0)
      ffi (>= 1.0.11)
    listen (0.5.3)
    multi_json (1.3.6)
    rack (1.4.1)
    rainbow (1.1.4)
    rb-inotify (0.8.8)
      ffi (>= 0.5.0)
    sprockets (2.8.0)
      hike (~> 1.2)
      multi_json (~> 1.0)
      rack (~> 1.0)
      tilt (~> 1.1, != 1.3.0)
    thor (0.16.0)
    tilt (1.3.3)

PLATFORMS
  ruby

DEPENDENCIES
  guard-jasmine-headless-webkit
  jasmine-headless-webkit
  libnotify
  rb-inotify
